GIT
  remote: https://github.com/fluent/fluentd
  revision: 79ead40de9dec33afc2a9bf6cc25f5ec2d65a482
  ref: 79ead40de9dec33afc2a9bf6cc25f5ec2d65a482
  specs:
    fluentd (1.15.0)
      bundler
      certstore_c (~> 0.1.7)
      cool.io (>= 1.4.5, < 2.0.0)
      http_parser.rb (>= 0.5.1, < 0.9.0)
      msgpack (>= 1.3.1, < 2.0.0)
      serverengine (>= 2.3.0, < 3.0.0)
      sigdump (~> 0.2.2)
      strptime (>= 0.2.4, < 1.0.0)
      tzinfo (>= 1.0, < 3.0)
      tzinfo-data (~> 1.0)
      webrick (>= 1.4.2, < 1.8.0)
      win32-api (>= 1.10, < 2.0.0)
      win32-event (~> 0.6.3)
      win32-ipc (~> 0.7.0)
      win32-service (~> 2.3.0)
      windows-api (~> 0.4.5)
      windows-pr (~> 1.2.6)
      yajl-ruby (~> 1.0)

GEM
  remote: https://rubygems.org/
  specs:
    addressable (2.8.0)
      public_suffix (>= 2.0.2, < 5.0)
    async (1.30.3)
      console (~> 1.10)
      nio4r (~> 2.3)
      timers (~> 4.1)
    async-http (0.56.6)
      async (>= 1.25)
      async-io (>= 1.28)
      async-pool (>= 0.2)
      protocol-http (~> 0.22.0)
      protocol-http1 (~> 0.14.0)
      protocol-http2 (~> 0.14.0)
      traces (~> 0.4.0)
    async-io (1.33.0)
      async
    async-pool (0.3.10)
      async (>= 1.25)
    aws-eventstream (1.2.0)
    aws-partitions (1.609.0)
    aws-sdk-core (3.131.3)
      aws-eventstream (~> 1, >= 1.0.2)
      aws-partitions (~> 1, >= 1.525.0)
      aws-sigv4 (~> 1.1)
      jmespath (~> 1, >= 1.6.1)
    aws-sdk-kms (1.58.0)
      aws-sdk-core (~> 3, >= 3.127.0)
      aws-sigv4 (~> 1.1)
    aws-sdk-s3 (1.114.0)
      aws-sdk-core (~> 3, >= 3.127.0)
      aws-sdk-kms (~> 1)
      aws-sigv4 (~> 1.4)
    aws-sdk-sqs (1.51.1)
      aws-sdk-core (~> 3, >= 3.127.0)
      aws-sigv4 (~> 1.1)
    aws-sigv4 (1.5.1)
      aws-eventstream (~> 1, >= 1.0.2)
    bindata (2.4.10)
    certstore_c (0.1.7)
    cmetrics (0.3.3)
      mini_portile2 (~> 2.7)
    concurrent-ruby (1.1.10)
    console (1.15.3)
      fiber-local
    cool.io (1.7.1)
    cool.io (1.7.1-x64-mingw32)
    digest-crc (0.6.4)
      rake (>= 12.0.0, < 14.0.0)
    digest-murmurhash (1.1.1)
    elastic-transport (8.0.1)
      faraday (~> 1)
      multi_json
    elasticsearch (8.3.0)
      elastic-transport (~> 8)
      elasticsearch-api (= 8.3.0)
    elasticsearch-api (8.3.0)
      multi_json
    excon (0.92.4)
    faraday (1.10.0)
      faraday-em_http (~> 1.0)
      faraday-em_synchrony (~> 1.0)
      faraday-excon (~> 1.1)
      faraday-httpclient (~> 1.0)
      faraday-multipart (~> 1.0)
      faraday-net_http (~> 1.0)
      faraday-net_http_persistent (~> 1.0)
      faraday-patron (~> 1.0)
      faraday-rack (~> 1.0)
      faraday-retry (~> 1.0)
      ruby2_keywords (>= 0.0.4)
    faraday-em_http (1.0.0)
    faraday-em_synchrony (1.0.0)
    faraday-excon (1.1.0)
    faraday-httpclient (1.0.1)
    faraday-multipart (1.0.4)
      multipart-post (~> 2)
    faraday-net_http (1.0.1)
    faraday-net_http_persistent (1.2.0)
    faraday-patron (1.0.0)
    faraday-rack (1.0.0)
    faraday-retry (1.0.3)
    faraday_middleware-aws-sigv4 (0.6.1)
      aws-sigv4 (~> 1.0)
      faraday (>= 1.8, < 2)
    ffi (1.15.5)
    ffi (1.15.5-x64-mingw32)
    ffi-win32-extensions (1.0.4)
      ffi
    fiber-local (1.0.0)
    fileutils (1.6.0)
    fluent-config-regexp-type (1.0.0)
      fluentd (> 1.0.0, < 2)
    fluent-diagtool (1.0.1)
      fileutils
      json
    fluent-logger (0.9.0)
      msgpack (>= 1.0.0, < 2)
    fluent-plugin-calyptia-monitoring (0.1.3)
      fluent-plugin-metrics-cmetrics (>= 0.1.1)
      fluentd (>= 1.14.0, < 2)
    fluent-plugin-elasticsearch (5.2.3)
      elasticsearch
      excon
      fluentd (>= 0.14.22)
    fluent-plugin-flowcounter-simple (0.1.0)
      fluentd (>= 1.0)
    fluent-plugin-kafka (0.18.0)
      fluentd (>= 0.10.58, < 2)
      ltsv
      ruby-kafka (>= 1.4.0, < 2)
    fluent-plugin-metrics-cmetrics (0.1.2)
      cmetrics (>= 0.2.0)
      fluentd (>= 0.14.0, < 2)
    fluent-plugin-opensearch (1.0.7)
      aws-sdk-core (~> 3)
      excon
      faraday_middleware-aws-sigv4
      fluentd (>= 0.14.22)
      opensearch-ruby
    fluent-plugin-parser-winevt_xml (0.2.4)
      fluentd (>= 0.14.12, < 2)
      nokogiri (>= 1.12.5, < 1.14)
    fluent-plugin-prometheus (2.0.3)
      fluentd (>= 1.9.1, < 2)
      prometheus-client (>= 2.1.0)
    fluent-plugin-prometheus_pushgateway (0.1.0)
      fluent-plugin-prometheus (>= 2.0.0, < 2.1.0)
    fluent-plugin-record-modifier (2.1.0)
      fluentd (>= 1.0, < 2)
    fluent-plugin-rewrite-tag-filter (2.4.0)
      fluent-config-regexp-type
      fluentd (>= 0.14.2, < 2)
    fluent-plugin-s3 (1.7.1)
      aws-sdk-s3 (~> 1.60)
      aws-sdk-sqs (~> 1.23)
      fluentd (>= 0.14.22, < 2)
    fluent-plugin-sd-dns (0.1.0)
      fluentd (>= 1.8)
    fluent-plugin-systemd (1.0.5)
      fluentd (>= 0.14.11, < 2)
      systemd-journal (~> 1.4.2)
    fluent-plugin-td (1.2.0)
      fluentd (>= 0.14.13, < 2)
      td-client (>= 1.0.8)
    fluent-plugin-utmpx (0.5.0)
      fluentd (>= 0.14.10, < 2)
      linux-utmpx (~> 0.3.0)
    fluent-plugin-webhdfs (1.5.0)
      fluentd (>= 0.14.22)
      webhdfs (>= 0.10.0)
    fluent-plugin-windows-eventlog (0.8.1)
      fluentd (>= 0.14.12, < 2)
      win32-eventlog
      winevt_c (>= 0.9.1)
    fluent-plugin-windows-exporter (1.0.0)
      bindata (~> 2.4)
      fluentd (>= 0.14.10, < 2)
    hirb (0.7.3)
    http_parser.rb (0.8.0)
    httpclient (2.8.3)
    jmespath (1.6.1)
    json (2.6.2)
    linux-utmpx (0.3.0)
      bindata (~> 2.4.8)
    ltsv (0.1.2)
    mini_portile2 (2.8.0)
    msgpack (1.5.3)
    multi_json (1.15.0)
    multipart-post (2.2.3)
    nio4r (2.5.8)
    nokogiri (1.13.7-x64-mingw32)
      racc (~> 1.4)
    oj (3.13.17)
    opensearch-api (2.0.2)
      multi_json
    opensearch-ruby (2.0.2)
      opensearch-api (= 2.0.2)
      opensearch-transport (= 2.0.0)
    opensearch-transport (2.0.0)
      faraday (~> 1)
      multi_json
    parallel (1.22.1)
    prometheus-client (2.1.0)
    protocol-hpack (1.4.2)
    protocol-http (0.22.6)
    protocol-http1 (0.14.4)
      protocol-http (~> 0.22)
    protocol-http2 (0.14.2)
      protocol-hpack (~> 1.4)
      protocol-http (~> 0.18)
    public_suffix (4.0.7)
    racc (1.6.0)
    rake (13.0.6)
    rdkafka (0.11.1)
      ffi (~> 1.15)
      mini_portile2 (~> 2.6)
      rake (> 12)
    ruby-kafka (1.5.0)
      digest-crc
    ruby-progressbar (1.11.0)
    ruby2_keywords (0.0.5)
    rubyzip (1.3.0)
    serverengine (2.3.0)
      sigdump (~> 0.2.2)
    sigdump (0.2.4)
    strptime (0.2.5)
    systemd-journal (1.4.2)
      ffi (~> 1.9)
    td (0.16.9)
      hirb (>= 0.4.5)
      msgpack
      parallel (~> 1.8)
      ruby-progressbar (~> 1.7)
      rubyzip (~> 1.3.0)
      td-client (>= 1.0.6, < 2)
      td-logger (>= 0.3.21, < 2)
      yajl-ruby (~> 1.1)
      zip-zip (~> 0.3)
    td-client (1.0.8)
      httpclient (>= 2.7)
      msgpack (>= 0.5.6, < 2)
    td-logger (0.3.28)
      fluent-logger (>= 0.5.0, < 2.0)
      msgpack (>= 0.5.6, < 2.0)
      td-client (>= 0.8.66, < 2.0)
    timers (4.3.3)
    traces (0.4.1)
    tzinfo (2.0.5)
      concurrent-ruby (~> 1.0)
    tzinfo-data (1.2022.1)
      tzinfo (>= 1.0.0)
    webhdfs (0.10.2)
      addressable
    webrick (1.7.0)
    win32-api (1.10.1)
    win32-api (1.10.1-universal-mingw32)
    win32-event (0.6.3)
      win32-ipc (>= 0.6.0)
    win32-eventlog (0.6.7)
      ffi
    win32-ipc (0.7.0)
      ffi
    win32-service (2.3.2)
      ffi
      ffi-win32-extensions
    windows-api (0.4.5)
      win32-api (>= 1.4.5)
    windows-pr (1.2.6)
      win32-api (>= 1.4.5)
      windows-api (>= 0.4.0)
    winevt_c (0.10.0)
    yajl-ruby (1.4.3)
    zip-zip (0.3)
      rubyzip (>= 1.0.0)

PLATFORMS
  ruby
  x64-mingw32
  x86_64-darwin-18
  x86_64-linux

DEPENDENCIES
  async (= 1.30.3)
  async-http (= 0.56.6)
  aws-partitions (= 1.609.0)
  aws-sdk-core (= 3.131.3)
  aws-sdk-kms (= 1.58.0)
  aws-sdk-s3 (= 1.114.0)
  aws-sdk-sqs (= 1.51.1)
  aws-sigv4 (= 1.5.1)
  bundler (= 2.3.18)
  cmetrics (= 0.3.3)
  cool.io (= 1.7.1)
  digest-murmurhash (= 1.1.1)
  elasticsearch (= 8.3.0)
  ffi (= 1.15.5)
  ffi-win32-extensions (= 1.0.4)
  fluent-diagtool (= 1.0.1)
  fluent-plugin-calyptia-monitoring (= 0.1.3)
  fluent-plugin-elasticsearch (= 5.2.3)
  fluent-plugin-flowcounter-simple (= 0.1.0)
  fluent-plugin-kafka (= 0.18.0)
  fluent-plugin-metrics-cmetrics (= 0.1.2)
  fluent-plugin-opensearch (= 1.0.7)
  fluent-plugin-parser-winevt_xml (= 0.2.4)
  fluent-plugin-prometheus (= 2.0.3)
  fluent-plugin-prometheus_pushgateway (= 0.1.0)
  fluent-plugin-record-modifier (= 2.1.0)
  fluent-plugin-rewrite-tag-filter (= 2.4.0)
  fluent-plugin-s3 (= 1.7.1)
  fluent-plugin-sd-dns (= 0.1.0)
  fluent-plugin-systemd (= 1.0.5)
  fluent-plugin-td (= 1.2.0)
  fluent-plugin-utmpx (= 0.5.0)
  fluent-plugin-webhdfs (= 1.5.0)
  fluent-plugin-windows-eventlog (= 0.8.1)
  fluent-plugin-windows-exporter (= 1.0.0)
  fluentd!
  http_parser.rb (= 0.8.0)
  httpclient (= 2.8.3)
  jmespath (= 1.6.1)
  mini_portile2 (= 2.8.0)
  msgpack (= 1.5.3)
  nokogiri (= 1.13.7)
  oj (= 3.13.17)
  opensearch-ruby (= 2.0.2)
  prometheus-client (= 2.1.0)
  rake
  rdkafka (= 0.11.1)
  ruby-kafka (= 1.5.0)
  serverengine (= 2.3.0)
  sigdump (= 0.2.4)
  systemd-journal (= 1.4.2)
  td (= 0.16.9)
  td-client (= 1.0.8)
  tzinfo (= 2.0.5)
  tzinfo-data (= 1.2022.1)
  webhdfs (= 0.10.2)
  webrick (= 1.7.0)
  win32-api (= 1.10.1)
  win32-event (= 0.6.3)
  win32-eventlog (= 0.6.7)
  win32-ipc (= 0.7.0)
  win32-service (= 2.3.2)
  windows-api (= 0.4.5)
  windows-pr (= 1.2.6)
  winevt_c (= 0.10.0)
  yajl-ruby (= 1.4.3)

BUNDLED WITH
   2.3.18
